GEM
  remote: https://rubygems.org/
  specs:
    cuba (3.8.0)
      rack (>= 1.6.0)
    mote (1.1.4)
    rack (2.0.1)
    rouge (2.0.6)

PLATFORMS
  ruby

DEPENDENCIES
  cuba
  mote
  rouge (~> 2.0.0)

BUNDLED WITH
   1.11.2
